PATH
  remote: ruby-commons
  specs:
    ruby-commons (0.1.3)

GEM
  remote: https://rubygems.org/
  specs:
    ansi (1.5.0)
    builder (3.2.3)
    minitest (5.10.1)
    minitest-reporters (1.1.14)
      ansi
      builder
      minitest (>= 5.0)
      ruby-progressbar
    ruby-progressbar (1.8.1)

PLATFORMS
  ruby

DEPENDENCIES
  minitest (~> 5.10.0, >= 5.10.1)
  minitest-reporters (~> 1.1.0, >= 1.1.14)
  ruby-commons!

BUNDLED WITH
   1.13.7
