PATH
  remote: ruby-commons
  specs:
    ruby-commons (0.1.0)

GEM
  remote: https://rubygems.org/
  specs:
    ansi (1.5.0)
    builder (3.2.2)
    minitest (5.9.0)
    minitest-reporters (1.1.10)
      ansi
      builder
      minitest (>= 5.0)
      ruby-progressbar
    ruby-progressbar (1.8.1)

PLATFORMS
  ruby

DEPENDENCIES
  minitest (~> 5.9.0, >= 5.9.0)
  minitest-reporters (~> 1.1.0, >= 1.1.9)
  ruby-commons!

BUNDLED WITH
   1.12.3
