PATH
  remote: ruby-commons
  specs:
    ruby-commons (0.0.4)

GEM
  remote: https://rubygems.org/
  specs:
    ansi (1.5.0)
    builder (3.2.2)
    minitest (5.8.1)
    minitest-reporters (1.1.4)
      ansi
      builder
      minitest (>= 5.0)
      ruby-progressbar
    ruby-progressbar (1.7.5)

PLATFORMS
  ruby

DEPENDENCIES
  minitest
  minitest-reporters (~> 1.1.4)
  ruby-commons!

BUNDLED WITH
   1.10.6
