PATH
  remote: ruby-commons
  specs:
    ruby-commons (0.0.4)

GEM
  remote: https://rubygems.org/
  specs:
    power_assert (0.2.4)
    test-unit (3.1.3)
      power_assert

PLATFORMS
  ruby

DEPENDENCIES
  ruby-commons!
  test-unit

BUNDLED WITH
   1.10.5
